PATH
  remote: .
  specs:
    winrm (0.0.1)
      gyoku
      httpclient
      nokogiri (~> 1.5.0)
      nori
      rubyntlm
      uuidtools (~> 2.1.2)

GEM
  remote: https://rubygems.org/
  specs:
    builder (3.2.0)
    coderay (1.0.9)
    columnize (0.3.6)
    debugger (1.5.0)
      columnize (>= 0.3.1)
      debugger-linecache (~> 1.2.0)
      debugger-ruby_core_source (~> 1.2.0)
    debugger-linecache (1.2.0)
    debugger-ruby_core_source (1.2.0)
    diff-lcs (1.2.3)
    gyoku (1.0.0)
      builder (>= 2.1.2)
    httpclient (2.3.3)
    method_source (0.8.1)
    multi_json (1.7.2)
    nokogiri (1.5.9)
    nori (2.0.4)
    pry (0.9.12)
      coderay (~> 1.0.5)
      method_source (~> 0.8)
      slop (~> 3.4)
    pry-debugger (0.2.2)
      debugger (~> 1.3)
      pry (~> 0.9.10)
    rake (10.0.4)
    rspec (2.13.0)
      rspec-core (~> 2.13.0)
      rspec-expectations (~> 2.13.0)
      rspec-mocks (~> 2.13.0)
    rspec-core (2.13.1)
    rspec-expectations (2.13.0)
      diff-lcs (>= 1.1.3, < 2.0)
    rspec-mocks (2.13.1)
    rubyntlm (0.3.1)
    simplecov (0.7.1)
      multi_json (~> 1.0)
      simplecov-html (~> 0.7.1)
    simplecov-html (0.7.1)
    slop (3.4.4)
    uuidtools (2.1.3)

PLATFORMS
  ruby

DEPENDENCIES
  pry
  pry-debugger
  rake
  rspec
  simplecov
  winrm!
